GEM
  remote: https://rubygems.org/
  specs:
    activemodel (4.0.0)
      activesupport (= 4.0.0)
      builder (~> 3.1.0)
    activerecord (4.0.0)
      activemodel (= 4.0.0)
      activerecord-deprecated_finders (~> 1.0.2)
      activesupport (= 4.0.0)
      arel (~> 4.0.0)
    activerecord-deprecated_finders (1.0.3)
    activesupport (4.0.0)
      i18n (~> 0.6, >= 0.6.4)
      minitest (~> 4.2)
      multi_json (~> 1.3)
      thread_safe (~> 0.1)
      tzinfo (~> 0.3.37)
    arel (4.0.0)
    atomic (1.1.13)
    builder (3.1.4)
    chronic (0.10.2)
    coderay (1.0.9)
    commander (4.1.5)
      highline (~> 1.6.11)
    gelf (1.4.0)
      json
    highline (1.6.19)
    httparty (0.9.0)
      multi_json (~> 1.0)
      multi_xml
    i18n (0.6.5)
    json (1.8.0)
    method_source (0.8.1)
    minitest (4.7.5)
    multi_json (1.8.0)
    multi_xml (0.5.5)
    pry (0.9.12.1)
      coderay (~> 1.0.5)
      method_source (~> 0.8)
      slop (~> 3.4)
    rake (10.1.0)
    slop (3.4.4)
    sqlite3 (1.3.8)
    terminal-table (1.4.5)
    thread_safe (0.1.2)
      atomic
    transmission_api (0.0.3)
      httparty (= 0.9.0)
    tzinfo (0.3.37)

PLATFORMS
  ruby

DEPENDENCIES
  activerecord
  chronic
  commander
  gelf
  pry
  rake
  sqlite3
  terminal-table
  transmission_api
